GEM
  remote: http://rubygems.org/
  specs:
    confstruct (0.2.5)
    json (1.8.1)
    rack (1.5.2)
    rack-protection (1.5.1)
      rack
    sinatra (1.4.4)
      rack (~> 1.4)
      rack-protection (~> 1.4)
      tilt (~> 1.3, >= 1.3.4)
    tilt (1.4.1)
    tokenizer (0.1.1)

PLATFORMS
  ruby

DEPENDENCIES
  confstruct
  json
  sinatra
  tokenizer
